GEM
  remote: https://rubygems.org/
  specs:
    clubhouse.io-ruby (0.1.0)
    coderay (1.1.2)
    method_source (0.9.2)
    pry (0.12.2)
      coderay (~> 1.1.0)
      method_source (~> 0.9.0)

PLATFORMS
  ruby

DEPENDENCIES
  clubhouse.io-ruby
  pry

BUNDLED WITH
   1.16.1
